GEM
  remote: https://rubygems.org/
  specs:
    CFPropertyList (2.2.8)
    addressable (2.3.8)
    arr-pm (0.0.10)
      cabin (> 0)
    backports (3.6.7)
    cabin (0.7.2)
    childprocess (0.5.7)
      ffi (~> 1.0, >= 1.0.11)
    clamp (0.6.5)
    colorize (0.6.0)
    facter (2.4.4)
      CFPropertyList (~> 2.2.6)
    ffi (1.9.10)
    fpm (1.4.0)
      arr-pm (~> 0.0.10)
      backports (>= 2.6.2)
      cabin (>= 0.6.0)
      childprocess
      clamp (~> 0.6)
      ffi
      json (>= 1.7.7)
    fpm-cookery (0.31.0)
      addressable
      facter
      fpm (~> 1.1)
      puppet (~> 3.4)
      systemu
    hiera (1.3.4)
      json_pure
    highline (1.6.20)
    json (1.8.3)
    json_pure (1.8.1)
    mime-types (1.25.1)
    package_cloud (0.2.25)
      colorize (= 0.6.0)
      highline (= 1.6.20)
      json_pure (= 1.8.1)
      rest-client (~> 1.6.7)
      thor (~> 0.18)
    puppet (3.8.4)
      facter (> 1.6, < 3)
      hiera (~> 1.0)
      json_pure
    rest-client (1.6.9)
      mime-types (~> 1.16)
    systemu (2.6.5)
    thor (0.19.1)

PLATFORMS
  ruby

DEPENDENCIES
  fpm-cookery
  package_cloud

BUNDLED WITH
   1.10.6
