GEM
  remote: https://rubygems.org/
  specs:
    activesupport (4.2.3)
      i18n (~> 0.7)
      json (~> 1.7, >= 1.7.7)
      minitest (~> 5.1)
      thread_safe (~> 0.3, >= 0.3.4)
      tzinfo (~> 1.1)
    aws-sdk (2.1.15)
      aws-sdk-resources (= 2.1.15)
    aws-sdk-core (2.1.15)
      jmespath (~> 1.0)
    aws-sdk-resources (2.1.15)
      aws-sdk-core (= 2.1.15)
    color (1.7.1)
    fastercsv (1.5.5)
    i18n (0.7.0)
    jmespath (1.0.2)
      multi_json (~> 1.0)
    json (1.8.3)
    mail (2.6.3)
      mime-types (>= 1.16, < 3)
    mailfactory (1.4.0)
      mime-types (>= 1.13.1)
    mime-types (2.6.1)
    minitest (5.8.0)
    multi_json (1.11.2)
    pdf-writer (1.1.8)
      color (>= 1.4.0)
      transaction-simple (~> 1.3)
    pg (0.18.2)
    rbhive (0.6.0)
      json
      thrift (= 0.9.0)
    rubyzip (1.1.7)
    rufus-scheduler (3.0.9)
      tzinfo
    ruport (1.6.3)
      fastercsv
      pdf-writer (= 1.1.8)
    ruport-util (0.14.0)
      mailfactory (>= 1.2.3)
      rubyzip (>= 0.9.1)
      ruport (>= 1.6.0)
    thread_safe (0.3.5)
    thrift (0.9.0)
    transaction-simple (1.4.0.2)
    tzinfo (1.2.2)
      thread_safe (~> 0.1)

PLATFORMS
  ruby

DEPENDENCIES
  activesupport (= 4.2.3)
  aws-sdk
  mail (= 2.6.3)
  pg (= 0.18.2)
  rbhive (= 0.6.0)
  rufus-scheduler (= 3.0.9)
  ruport (= 1.6.3)
  ruport-util (= 0.14.0)
